GIT
  remote: git://github.com/judofyr/temple.git
  revision: df3edcbc46cd7cd77d7d8439894abdffc08f5ccd
  specs:
    temple (0.6.8)

GIT
  remote: git://github.com/slim-template/slim.git
  revision: 26758c571ed79d379c46566cc2739caa2142b217
  specs:
    slim (2.0.3)
      temple (~> 0.6.6)
      tilt (>= 1.3.3, < 2.1)

GEM
  remote: https://rubygems.org/
  specs:
    daemons (1.1.9)
    eventmachine (1.0.3)
    rack (1.5.2)
    rack-protection (1.5.3)
      rack
    sinatra (1.4.5)
      rack (~> 1.4)
      rack-protection (~> 1.4)
      tilt (~> 1.3, >= 1.3.4)
    thin (1.6.2)
      daemons (>= 1.0.9)
      eventmachine (>= 1.0.0)
      rack (>= 1.0.0)
    tilt (1.4.1)

PLATFORMS
  ruby

DEPENDENCIES
  sinatra (~> 1.4.5)
  slim!
  temple!
  thin
